GIT
  remote: git://github.com/saulabs/reportable.git
  revision: 487f46dd94f2f15ffc4bf533819a3f812fef608a
  specs:
    reportable (1.4.2)
      activerecord (>= 3.0)
      activesupport (>= 3.0.0)

GIT
  remote: git://github.com/sudara/guard.git
  revision: c8fa7501e1916efb01cde7e0a7ac44af5aea7fb5
  specs:
    guard (2.0.0.pre)
      formatador (>= 0.2.4)
      guard_listen (>= 1.0.0)
      lumberjack (>= 1.0.2)
      pry (>= 0.9.10)
      thor (>= 0.14.6)

GIT
  remote: git://github.com/sudara/listen.git
  revision: cee854cd87e9ebb12600ee4b8c18cab9d3945c15
  specs:
    guard_listen (1.3.1)
      rb-fsevent (>= 0.9.3)
      rb-inotify (>= 0.9)
      rb-kqueue (>= 0.2)

PATH
  remote: greenfield
  specs:
    greenfield (0.0.1)
      acts_as_list
      has_permalink
      rails (~> 4.2)

GEM
  remote: https://rubygems.org/
  specs:
    actionmailer (4.2.0)
      actionpack (= 4.2.0)
      actionview (= 4.2.0)
      activejob (= 4.2.0)
      mail (~> 2.5, >= 2.5.4)
      rails-dom-testing (~> 1.0, >= 1.0.5)
    actionpack (4.2.0)
      actionview (= 4.2.0)
      activesupport (= 4.2.0)
      rack (~> 1.6.0)
      rack-test (~> 0.6.2)
      rails-dom-testing (~> 1.0, >= 1.0.5)
      rails-html-sanitizer (~> 1.0, >= 1.0.1)
    actionview (4.2.0)
      activesupport (= 4.2.0)
      builder (~> 3.1)
      erubis (~> 2.7.0)
      rails-dom-testing (~> 1.0, >= 1.0.5)
      rails-html-sanitizer (~> 1.0, >= 1.0.1)
    activejob (4.2.0)
      activesupport (= 4.2.0)
      globalid (>= 0.3.0)
    activemodel (4.2.0)
      activesupport (= 4.2.0)
      builder (~> 3.1)
    activerecord (4.2.0)
      activemodel (= 4.2.0)
      activesupport (= 4.2.0)
      arel (~> 6.0)
    activesupport (4.2.0)
      i18n (~> 0.7)
      json (~> 1.7, >= 1.7.7)
      minitest (~> 5.1)
      thread_safe (~> 0.3, >= 0.3.4)
      tzinfo (~> 1.1)
    acts_as_list (0.6.0)
      activerecord (>= 3.0)
    arel (6.0.0)
    authlogic (3.4.4)
      activerecord (>= 3.2)
      activesupport (>= 3.2)
      request_store (~> 1.0)
      scrypt (~> 1.2)
    awesome_print (1.6.1)
    aws-sdk (1.61.0)
      aws-sdk-v1 (= 1.61.0)
    aws-sdk-v1 (1.61.0)
      json (~> 1.4)
      nokogiri (>= 1.4.4)
    bugsnag (2.8.1)
      multi_json (~> 1.0)
    builder (3.2.2)
    celluloid (0.16.0)
      timers (~> 4.0.0)
    chunky_png (1.3.4)
    climate_control (0.0.3)
      activesupport (>= 3.0)
    cocaine (0.5.5)
      climate_control (>= 0.0.3, < 1.0)
    coderay (1.1.0)
    coffee-rails (4.1.0)
      coffee-script (>= 2.2.0)
      railties (>= 4.0.0, < 5.0)
    coffee-script (2.3.0)
      coffee-script-source
      execjs
    coffee-script-source (1.9.1)
    colorize (0.7.3)
    compass (1.0.3)
      chunky_png (~> 1.2)
      compass-core (~> 1.0.2)
      compass-import-once (~> 1.0.5)
      rb-fsevent (>= 0.9.3)
      rb-inotify (>= 0.9)
      sass (>= 3.3.13, < 3.5)
    compass-core (1.0.3)
      multi_json (~> 1.0)
      sass (>= 3.3.0, < 3.5)
    compass-import-once (1.0.5)
      sass (>= 3.2, < 3.5)
    compass-rails (2.0.4)
      compass (~> 1.0.0)
      sass-rails (<= 5.0.1)
      sprockets (< 2.13)
    connection_pool (2.1.2)
    countries (0.9.3)
      currencies (~> 0.4.2)
    country_select (2.1.1)
      countries (>= 0.9.3, < 0.10.0)
    currencies (0.4.2)
    daemons (1.1.9)
    database_cleaner (1.4.0)
    diff-lcs (1.2.5)
    diffy (3.0.5)
    dynamic_form (1.1.4)
    erubis (2.7.0)
    eventmachine (1.0.7)
    execjs (2.3.0)
    factory_girl (4.5.0)
      activesupport (>= 3.0.0)
    factory_girl_rails (4.5.0)
      factory_girl (~> 4.5.0)
      railties (>= 3.0.0)
    ffi (1.9.6)
    ffi-compiler (0.1.3)
      ffi (>= 1.0.0)
      rake
    font-awesome-sass (4.3.1)
      sass (~> 3.2)
    formatador (0.2.5)
    gemoji (2.1.0)
    geokit (1.9.0)
      multi_json (>= 1.3.2)
    globalid (0.3.3)
      activesupport (>= 4.1.0)
    guard-rspec (1.2.1)
      guard (>= 1.1)
    guard-spring (0.0.4)
      guard
      spring
    has_permalink (0.1.6)
    hike (1.2.3)
    hitimes (1.2.2)
    i18n (0.7.0)
    jquery-fileupload-rails (0.4.4)
      actionpack (>= 3.1)
      railties (>= 3.1)
      sass (>= 3.2)
    jquery-rails (4.0.3)
      rails-dom-testing (~> 1.0)
      railties (>= 4.2.0)
      thor (>= 0.14, < 2.0)
    jquery-ui-rails (5.0.3)
      railties (>= 3.2.16)
    json (1.8.2)
    local_time (1.0.2)
      coffee-rails
    loofah (2.0.1)
      nokogiri (>= 1.5.9)
    lumberjack (1.0.9)
    mail (2.6.3)
      mime-types (>= 1.16, < 3)
    method_source (0.8.2)
    mime-types (2.4.3)
    mini_portile (0.6.2)
    minitest (5.5.1)
    multi_json (1.10.1)
    mysql2 (0.3.18)
    newrelic_rpm (3.10.0.279)
    nokogiri (1.6.6.2)
      mini_portile (~> 0.6.0)
    paperclip (4.2.1)
      activemodel (>= 3.0.0)
      activesupport (>= 3.0.0)
      cocaine (~> 0.5.3)
      mime-types
    perf_check (0.1.18)
      colorize (= 0.7.3)
      diffy (= 3.0.5)
    protected_attributes (1.0.8)
      activemodel (>= 4.0.1, < 5.0)
    pry (0.10.1)
      coderay (~> 1.1.0)
      method_source (~> 0.8.1)
      slop (~> 3.4)
    puma (2.11.1)
      rack (>= 1.1, < 2.0)
    quiet_assets (1.1.0)
      railties (>= 3.1, < 5.0)
    rack (1.6.0)
    rack-mini-profiler (0.9.2)
      rack (>= 1.1.3)
    rack-protection (1.5.3)
      rack
    rack-test (0.6.3)
      rack (>= 1.0)
    rails (4.2.0)
      actionmailer (= 4.2.0)
      actionpack (= 4.2.0)
      actionview (= 4.2.0)
      activejob (= 4.2.0)
      activemodel (= 4.2.0)
      activerecord (= 4.2.0)
      activesupport (= 4.2.0)
      bundler (>= 1.3.0, < 2.0)
      railties (= 4.2.0)
      sprockets-rails
    rails-deprecated_sanitizer (1.0.3)
      activesupport (>= 4.2.0.alpha)
    rails-dom-testing (1.0.5)
      activesupport (>= 4.2.0.beta, < 5.0)
      nokogiri (~> 1.6.0)
      rails-deprecated_sanitizer (>= 1.0.1)
    rails-html-sanitizer (1.0.1)
      loofah (~> 2.0)
    railties (4.2.0)
      actionpack (= 4.2.0)
      activesupport (= 4.2.0)
      rake (>= 0.8.7)
      thor (>= 0.18.1, < 2.0)
    rake (10.4.2)
    rakismet (1.5.0)
    rb-fsevent (0.9.4)
    rb-inotify (0.9.5)
      ffi (>= 0.5.0)
    rb-kqueue (0.2.3)
      ffi (>= 0.5.0)
    recaptcha (0.3.6)
    redcarpet (3.2.2)
    redis (3.2.1)
    redis-namespace (1.5.1)
      redis (~> 3.0, >= 3.0.4)
    request_store (1.1.0)
    rspec-core (3.2.1)
      rspec-support (~> 3.2.0)
    rspec-expectations (3.2.0)
      diff-lcs (>= 1.2.0, < 2.0)
      rspec-support (~> 3.2.0)
    rspec-mocks (3.2.0)
      diff-lcs (>= 1.2.0, < 2.0)
      rspec-support (~> 3.2.0)
    rspec-rails (3.2.0)
      actionpack (>= 3.0, <= 4.2)
      activesupport (>= 3.0, <= 4.2)
      railties (>= 3.0, <= 4.2)
      rspec-core (~> 3.2.0)
      rspec-expectations (~> 3.2.0)
      rspec-mocks (~> 3.2.0)
      rspec-support (~> 3.2.0)
    rspec-support (3.2.2)
    ruby-audio (1.6.1)
    ruby-mp3info (0.7.2)
    sass (3.4.12)
    sass-rails (5.0.1)
      railties (>= 4.0.0, < 5.0)
      sass (~> 3.1)
      sprockets (>= 2.8, < 4.0)
      sprockets-rails (>= 2.0, < 4.0)
      tilt (~> 1.1)
    scrypt (1.2.1)
      ffi-compiler (>= 0.0.2)
      rake
    sidekiq (3.3.2)
      celluloid (>= 0.16.0)
      connection_pool (>= 2.1.1)
      json
      redis (>= 3.0.6)
      redis-namespace (>= 1.3.1)
    simple_form (3.1.0)
      actionpack (~> 4.0)
      activemodel (~> 4.0)
    sinatra (1.4.5)
      rack (~> 1.4)
      rack-protection (~> 1.4)
      tilt (~> 1.3, >= 1.3.4)
    skylight (0.3.12)
      activesupport (>= 3.0.0)
    slop (3.6.0)
    sometimes (0.0.2)
    soundmanager2-rails (2.97.20140901)
    spring (1.3.2)
    sprockets (2.12.3)
      hike (~> 1.2)
      multi_json (~> 1.0)
      rack (~> 1.0)
      tilt (~> 1.1, != 1.3.0)
    sprockets-rails (2.2.4)
      actionpack (>= 3.0)
      activesupport (>= 3.0)
      sprockets (>= 2.8, < 4.0)
    thin (1.6.3)
      daemons (~> 1.0, >= 1.0.9)
      eventmachine (~> 1.0)
      rack (~> 1.0)
    thor (0.19.1)
    thread_safe (0.3.4)
    tilt (1.4.1)
    timecop (0.7.3)
    timers (4.0.1)
      hitimes
    tzinfo (1.2.2)
      thread_safe (~> 0.1)
    uglifier (2.7.0)
      execjs (>= 0.3.0)
      json (>= 1.8.0)
    will_paginate (3.0.7)
    yui-compressor (0.12.0)

PLATFORMS
  ruby

DEPENDENCIES
  acts_as_list
  authlogic
  awesome_print
  aws-sdk (< 2.0)
  bugsnag
  coffee-rails
  compass-rails
  country_select
  database_cleaner
  dynamic_form
  factory_girl_rails
  font-awesome-sass
  gemoji
  geokit
  greenfield!
  guard!
  guard-rspec
  guard-spring
  guard_listen!
  has_permalink
  jquery-fileupload-rails
  jquery-rails
  jquery-ui-rails
  local_time
  mime-types
  mysql2
  newrelic_rpm
  paperclip
  perf_check
  protected_attributes (~> 1.0.6)
  pry
  puma
  quiet_assets
  rack-mini-profiler
  rails (~> 4.2)
  rakismet
  rb-fsevent (~> 0.9.1)
  recaptcha
  redcarpet
  reportable!
  request_store
  rspec-mocks
  rspec-rails
  ruby-audio
  ruby-mp3info (~> 0.7.2)
  sass-rails
  scrypt
  sidekiq
  simple_form
  sinatra
  skylight (= 0.3.12)
  sometimes
  soundmanager2-rails
  spring
  thin
  timecop
  uglifier
  will_paginate
  yui-compressor

BUNDLED WITH
   1.10.5
